GEM
  remote: https://rubygems.org/
  specs:
    oj (2.5.3)
    recursive-open-struct (0.4.5)
    sequel (4.6.0)
    sqlite3 (1.3.8)
    sqlite3-ruby (1.3.3)
      sqlite3 (>= 1.3.3)

PLATFORMS
  ruby

DEPENDENCIES
  oj
  recursive-open-struct
  sequel
  sqlite3-ruby
